GIT
  remote: git@github.com:scottkellum/Singularity.git
  revision: 94b2907d91d3a7cb448bf8ec2fdb8c99911b3baa
  specs:
    singularitygs (1.0.alpha.2)
      breakpoint (>= 1.1.1)
      compass (>= 0.12.2)
      modular-scale (>= 1.0.2)
      sass (>= 3.2.1)

GEM
  remote: https://rubygems.org/
  specs:
    breakpoint (1.3)
      compass (>= 0.12.1)
      sass (>= 3.2.0)
    chunky_png (1.2.7)
    compass (0.13.alpha.2)
      chunky_png (~> 1.2)
      listen (~> 0.5.3)
      sass (~> 3.2.0.alpha.93)
    listen (0.5.3)
    modular-scale (1.0.6)
      compass (>= 0.12.1)
      sass (>= 3.2.0)
      sassy-math (>= 1.5)
    sass (3.2.7)
    sassy-math (1.5)
      compass (~> 0.11)

PLATFORMS
  ruby

DEPENDENCIES
  singularitygs!
